PATH
  remote: .
  specs:
    fluent-plugin-logentries_ssl (0.1.1)
      fluentd (>= 0.14.10, < 2)

GEM
  remote: https://rubygems.org/
  specs:
    cool.io (1.4.6)
    fluentd (0.14.13)
      cool.io (~> 1.4.5)
      http_parser.rb (>= 0.5.1, < 0.7.0)
      msgpack (>= 0.7.0, < 2.0.0)
      serverengine (>= 2.0.4, < 3.0.0)
      sigdump (~> 0.2.2)
      strptime (~> 0.1.7)
      tzinfo (~> 1.0)
      tzinfo-data (~> 1.0)
      yajl-ruby (~> 1.0)
    http_parser.rb (0.6.0)
    metaclass (0.0.4)
    mocha (1.2.1)
      metaclass (~> 0.0.1)
    msgpack (1.1.0)
    power_assert (1.0.1)
    rake (12.0.0)
    serverengine (2.0.5)
      sigdump (~> 0.2.2)
    sigdump (0.2.4)
    strptime (0.1.9)
    test-unit (3.2.3)
      power_assert
    thread_safe (0.3.6)
    tzinfo (1.2.2)
      thread_safe (~> 0.1)
    tzinfo-data (1.2017.1)
      tzinfo (>= 1.0.0)
    yajl-ruby (1.3.0)

PLATFORMS
  ruby

DEPENDENCIES
  bundler (~> 1.14)
  fluent-plugin-logentries_ssl!
  mocha
  rake (~> 12.0)
  test-unit (~> 3.0)

BUNDLED WITH
   1.14.6
